GEM
  remote: http://rubygems.org/
  specs:
    aws-sdk (1.4.1)
      httparty (~> 0.7)
      json (~> 1.4)
      nokogiri (>= 1.4.4)
      uuidtools (~> 2.1)
    bouncy-castle-java (1.5.0146.1)
    colorize (0.5.8)
    concurrent-ruby (1.1.8)
    deep_merge (1.2.1)
    diff-lcs (1.1.3)
    excon (0.13.4)
    facter (4.0.52)
      hocon (~> 1.3)
      thor (>= 1.0.1, < 2.0)
    fast_gettext (1.8.0)
    hiera (3.7.0)
    hocon (1.3.1)
    httparty (0.18.1)
      mime-types (~> 3.0)
      multi_xml (>= 0.5.2)
    httpclient (2.8.3)
    jruby-openssl (0.7.6.1)
      bouncy-castle-java (>= 1.5.0146.1)
    json (1.5.4)
    json (1.5.4-java)
    locale (2.1.3)
    mime-types (3.3.1)
      mime-types-data (~> 3.2015)
    mime-types-data (3.2021.0225)
    multi_json (1.15.0)
    multi_xml (0.6.0)
    nokogiri (1.5.2)
    nokogiri (1.5.2-java)
    puppet (6.13.0)
      concurrent-ruby (~> 1.0)
      deep_merge (~> 1.0)
      facter (> 2.0.1, < 5)
      fast_gettext (~> 1.1)
      hiera (>= 3.2.1, < 4)
      httpclient (~> 2.8)
      locale (~> 2.1)
      multi_json (~> 1.10)
      puppet-resource_api (~> 1.5)
      semantic_puppet (~> 1.0)
    puppet-resource_api (1.8.13)
      hocon (>= 1.0)
    rake (0.9.2.2)
    rspec (2.9.0)
      rspec-core (~> 2.9.0)
      rspec-expectations (~> 2.9.0)
      rspec-mocks (~> 2.9.0)
    rspec-core (2.9.0)
    rspec-expectations (2.9.1)
      diff-lcs (~> 1.1.3)
    rspec-mocks (2.9.0)
    semantic_puppet (1.0.3)
    thor (1.1.0)
    uuidtools (2.1.2)

PLATFORMS
  java
  ruby

DEPENDENCIES
  aws-sdk
  colorize
  excon
  jruby-openssl
  nokogiri
  puppet
  rake
  rspec
