GEM
  remote: http://rubygems.org/
  specs:
    aws-sdk (1.4.1)
      httparty (~> 0.7)
      json (~> 1.4)
      nokogiri (>= 1.4.4)
      uuidtools (~> 2.1)
    bouncy-castle-java (1.5.0146.1)
    colorize (0.5.8)
    diff-lcs (1.1.3)
    excon (0.13.4)
    facter (1.6.8)
    httparty (0.8.3)
      multi_json (~> 1.0)
      multi_xml
    jruby-openssl (0.7.6.1)
      bouncy-castle-java (>= 1.5.0146.1)
    json (1.5.4)
    json (1.5.4-java)
    mini_portile2 (2.5.1)
    multi_json (1.3.2)
    multi_xml (0.4.4)
    nokogiri (1.11.4)
      mini_portile2 (~> 2.5.0)
      racc (~> 1.4)
    nokogiri (1.11.4-java)
      racc (~> 1.4)
    puppet (2.7.14)
      facter (>= 1.5.1)
    racc (1.5.2)
    racc (1.5.2-java)
    rake (0.9.2.2)
    rspec (2.9.0)
      rspec-core (~> 2.9.0)
      rspec-expectations (~> 2.9.0)
      rspec-mocks (~> 2.9.0)
    rspec-core (2.9.0)
    rspec-expectations (2.9.1)
      diff-lcs (~> 1.1.3)
    rspec-mocks (2.9.0)
    uuidtools (2.1.2)

PLATFORMS
  java
  ruby

DEPENDENCIES
  aws-sdk
  colorize
  excon
  jruby-openssl
  nokogiri
  puppet
  rake
  rspec
